GIT
  remote: git://github.com/lml/lev.git
  revision: 8a136d315f04899bd816f373d3270ed349dbf1c4
  branch: ground-up-exercise
  specs:
    lev (7.0.0)
      active_attr (~> 0.8.5)
      activerecord (>= 3.0)

GIT
  remote: git://github.com/openstax/accounts-rails.git
  revision: cbaa96345c499904fe371d55e2a8372ea5b337dd
  branch: new-lev
  specs:
    openstax_accounts (6.2.0)
      action_interceptor (>= 1.0)
      keyword_search (>= 1.0.0)
      oauth2 (>= 0.5.0)
      omniauth (>= 1.1)
      omniauth-oauth2 (>= 1.1)
      openstax_api (>= 3.1.0)
      rails (>= 4.1)
      representable (>= 2.0)
      roar (>= 1.0)
      squeel (>= 0.5.0)

GIT
  remote: git://github.com/openstax/openstax_utilities.git
  revision: 058e70dc163d10de8baf84c5a26b7c9b8df56972
  branch: new-lev
  specs:
    openstax_utilities (4.2.3)
      keyword_search
      rails (>= 3.1)

GIT
  remote: https://github.com/maddijoyce/active_force
  revision: 9695896f576ea850d6ca60fb7b8af9c0dd07e8ea
  ref: 9695896f5
  specs:
    active_force (0.7.1)
      active_attr (~> 0.8)
      restforce (~> 2.1.0)

GEM
  remote: https://rubygems.org/
  specs:
    CFPropertyList (2.3.2)
    action_interceptor (1.0.0)
      rails (>= 3.1)
    actionmailer (4.2.4)
      actionpack (= 4.2.4)
      actionview (= 4.2.4)
      activejob (= 4.2.4)
      mail (~> 2.5, >= 2.5.4)
      rails-dom-testing (~> 1.0, >= 1.0.5)
    actionpack (4.2.4)
      actionview (= 4.2.4)
      activesupport (= 4.2.4)
      rack (~> 1.6)
      rack-test (~> 0.6.2)
      rails-dom-testing (~> 1.0, >= 1.0.5)
      rails-html-sanitizer (~> 1.0, >= 1.0.2)
    actionview (4.2.4)
      activesupport (= 4.2.4)
      builder (~> 3.1)
      erubis (~> 2.7.0)
      rails-dom-testing (~> 1.0, >= 1.0.5)
      rails-html-sanitizer (~> 1.0, >= 1.0.2)
    active_attr (0.8.5)
      activemodel (>= 3.0.2, < 5.0)
      activesupport (>= 3.0.2, < 5.0)
    active_record_query_trace (1.5.2)
    activejob (4.2.4)
      activesupport (= 4.2.4)
      globalid (>= 0.3.0)
    activemodel (4.2.4)
      activesupport (= 4.2.4)
      builder (~> 3.1)
    activerecord (4.2.4)
      activemodel (= 4.2.4)
      activesupport (= 4.2.4)
      arel (~> 6.0)
    activerecord-import (0.10.0)
      activerecord (>= 3.0)
    activesupport (4.2.4)
      i18n (~> 0.7)
      json (~> 1.7, >= 1.7.7)
      minitest (~> 5.1)
      thread_safe (~> 0.3, >= 0.3.4)
      tzinfo (~> 1.1)
    addressable (2.3.8)
    apipie-rails (0.3.5)
      json
    arel (6.0.3)
    autoprefixer-rails (6.1.2)
      execjs
      json
    awesome_print (1.6.1)
    aws-ses (0.6.0)
      builder
      mail (> 2.2.5)
      mime-types
      xml-simple
    axiom-types (0.1.1)
      descendants_tracker (~> 0.0.4)
      ice_nine (~> 0.11.0)
      thread_safe (~> 0.3, >= 0.3.1)
    axlsx (2.1.0.pre)
      htmlentities (~> 4.3.1)
      nokogiri (>= 1.4.1)
      rubyzip (~> 1.1.7)
    babbler (1.0.1)
    binding_of_caller (0.7.2)
      debug_inspector (>= 0.0.1)
    bootstrap-sass (3.2.0.2)
      sass (~> 3.2)
    brakeman (3.1.3)
      erubis (~> 2.6)
      fastercsv (~> 1.5)
      haml (>= 3.0, < 5.0)
      highline (>= 1.6.20, < 2.0)
      multi_json (~> 1.2)
      ruby2ruby (>= 2.1.1, < 2.3.0)
      ruby_parser (~> 3.7.0)
      safe_yaml (>= 1.0)
      sass (~> 3.0)
      slim (>= 1.3.6, < 4.0)
      terminal-table (~> 1.4)
    builder (3.2.2)
    bullet (4.14.10)
      activesupport (>= 3.0.0)
      uniform_notifier (~> 1.9.0)
    byebug (8.2.1)
    capybara (2.5.0)
      mime-types (>= 1.16)
      nokogiri (>= 1.3.3)
      rack (>= 1.0.0)
      rack-test (>= 0.5.4)
      xpath (~> 2.0)
    capybara-webkit (1.7.1)
      capybara (>= 2.3.0, < 2.6.0)
      json
    carrierwave (0.10.0)
      activemodel (>= 3.2.0)
      activesupport (>= 3.2.0)
      json (>= 1.7)
      mime-types (>= 1.16)
    cheat (1.3.3)
      pager (~> 1.0)
    choice (0.2.0)
    chronic (0.10.2)
    chunky_png (1.3.5)
    codeclimate-test-reporter (0.4.8)
      simplecov (>= 0.7.1, < 1.0.0)
    coderay (1.1.0)
    coercible (1.0.0)
      descendants_tracker (~> 0.0.1)
    coffee-rails (4.0.1)
      coffee-script (>= 2.2.0)
      railties (>= 4.0.0, < 5.0)
    coffee-rails-source-maps (1.4.0)
      coffee-script-source (>= 1.6.1)
    coffee-script (2.4.1)
      coffee-script-source
      execjs
    coffee-script-source (1.10.0)
    compass (1.0.3)
      chunky_png (~> 1.2)
      compass-core (~> 1.0.2)
      compass-import-once (~> 1.0.5)
      rb-fsevent (>= 0.9.3)
      rb-inotify (>= 0.9)
      sass (>= 3.3.13, < 3.5)
    compass-core (1.0.3)
      multi_json (~> 1.0)
      sass (>= 3.3.0, < 3.5)
    compass-import-once (1.0.5)
      sass (>= 3.2, < 3.5)
    compass-rails (2.0.5)
      compass (~> 1.0.0)
      sass-rails (< 5.1)
      sprockets (< 2.13)
    coveralls (0.8.10)
      json (~> 1.8)
      rest-client (>= 1.6.8, < 2)
      simplecov (~> 0.11.0)
      term-ansicolor (~> 1.3)
      thor (~> 0.19.1)
      tins (~> 1.6.0)
    crack (0.4.3)
      safe_yaml (~> 1.0.0)
    daemons (1.2.3)
    database_cleaner (1.5.1)
    debug_inspector (0.0.2)
    debugger-ruby_core_source (1.3.8)
    deep_cloneable (2.1.1)
      activerecord (>= 3.1.0, < 5.0.0)
    delayed_job (4.1.1)
      activesupport (>= 3.0, < 5.0)
    delayed_job_active_record (4.1.0)
      activerecord (>= 3.0, < 5)
      delayed_job (>= 3.0, < 5)
    descendants_tracker (0.0.4)
      thread_safe (~> 0.3, >= 0.3.1)
    diff-lcs (1.2.5)
    diffy (3.0.7)
    docile (1.1.5)
    domain_name (0.5.25)
      unf (>= 0.0.5, < 1.0.0)
    doorkeeper (3.0.1)
      railties (>= 3.2)
    dotenv (2.0.2)
    dotenv-rails (2.0.2)
      dotenv (= 2.0.2)
      railties (~> 4.0)
    equalizer (0.0.11)
    error_page_assets (0.3)
    erubis (2.7.0)
    eventmachine (1.0.8)
    exception_notification (4.1.2)
      actionmailer (~> 4.0)
      activesupport (~> 4.0)
    excon (0.45.4)
    execjs (2.6.0)
    factory_girl (4.5.0)
      activesupport (>= 3.0.0)
    factory_girl_rails (4.5.0)
      factory_girl (~> 4.5.0)
      railties (>= 3.0.0)
    faker (1.6.1)
      i18n (~> 0.5)
    fakeredis (0.5.0)
      redis (~> 3.0)
    faraday (0.9.2)
      multipart-post (>= 1.2, < 3)
    faraday_middleware (0.10.0)
      faraday (>= 0.7.4, < 0.10)
    fastercsv (1.5.5)
    ffi (1.9.10)
    fine_print (3.1.0)
      action_interceptor (>= 1.0)
      jquery-rails
      rails (>= 3.1)
      responders
      squeel
    fission (0.5.0)
      CFPropertyList (~> 2.2)
    fog (1.36.0)
      fog-aliyun (>= 0.1.0)
      fog-atmos
      fog-aws (>= 0.6.0)
      fog-brightbox (~> 0.4)
      fog-core (~> 1.32)
      fog-dynect (~> 0.0.2)
      fog-ecloud (~> 0.1)
      fog-google (<= 0.1.0)
      fog-json
      fog-local
      fog-powerdns (>= 0.1.1)
      fog-profitbricks
      fog-radosgw (>= 0.0.2)
      fog-riakcs
      fog-sakuracloud (>= 0.0.4)
      fog-serverlove
      fog-softlayer
      fog-storm_on_demand
      fog-terremark
      fog-vmfusion
      fog-voxel
      fog-xenserver
      fog-xml (~> 0.1.1)
      ipaddress (~> 0.5)
      nokogiri (~> 1.5, >= 1.5.11)
    fog-aliyun (0.1.0)
      fog-core (~> 1.27)
      fog-json (~> 1.0)
      ipaddress (~> 0.8)
      xml-simple (~> 1.1)
    fog-atmos (0.1.0)
      fog-core
      fog-xml
    fog-aws (0.7.6)
      fog-core (~> 1.27)
      fog-json (~> 1.0)
      fog-xml (~> 0.1)
      ipaddress (~> 0.8)
    fog-brightbox (0.10.1)
      fog-core (~> 1.22)
      fog-json
      inflecto (~> 0.0.2)
    fog-core (1.35.0)
      builder
      excon (~> 0.45)
      formatador (~> 0.2)
    fog-dynect (0.0.2)
      fog-core
      fog-json
      fog-xml
    fog-ecloud (0.3.0)
      fog-core
      fog-xml
    fog-google (0.1.0)
      fog-core
      fog-json
      fog-xml
    fog-json (1.0.2)
      fog-core (~> 1.0)
      multi_json (~> 1.10)
    fog-local (0.2.1)
      fog-core (~> 1.27)
    fog-powerdns (0.1.1)
      fog-core (~> 1.27)
      fog-json (~> 1.0)
      fog-xml (~> 0.1)
    fog-profitbricks (0.0.5)
      fog-core
      fog-xml
      nokogiri
    fog-radosgw (0.0.4)
      fog-core (>= 1.21.0)
      fog-json
      fog-xml (>= 0.0.1)
    fog-riakcs (0.1.0)
      fog-core
      fog-json
      fog-xml
    fog-sakuracloud (1.5.0)
      fog-core
      fog-json
    fog-serverlove (0.1.2)
      fog-core
      fog-json
    fog-softlayer (1.0.2)
      fog-core
      fog-json
    fog-storm_on_demand (0.1.1)
      fog-core
      fog-json
    fog-terremark (0.1.0)
      fog-core
      fog-xml
    fog-vmfusion (0.1.0)
      fission
      fog-core
    fog-voxel (0.1.0)
      fog-core
      fog-xml
    fog-xenserver (0.2.2)
      fog-core
      fog-xml
    fog-xml (0.1.2)
      fog-core
      nokogiri (~> 1.5, >= 1.5.11)
    formatador (0.2.5)
    get_process_mem (0.2.0)
    globalid (0.3.6)
      activesupport (>= 4.1.0)
    haml (4.0.7)
      tilt
    haml-rails (0.9.0)
      actionpack (>= 4.0.1)
      activesupport (>= 4.0.1)
      haml (>= 4.0.6, < 5.0)
      html2haml (>= 1.0.1)
      railties (>= 4.0.1)
    hashdiff (0.2.3)
    hashie (3.4.3)
    highline (1.7.8)
    hike (1.2.3)
    html2haml (2.0.0)
      erubis (~> 2.7.0)
      haml (~> 4.0.0)
      nokogiri (~> 1.6.0)
      ruby_parser (~> 3.5)
    htmlentities (4.3.4)
    http-cookie (1.0.2)
      domain_name (~> 0.5)
    httparty (0.13.7)
      json (~> 1.8)
      multi_xml (>= 0.5.2)
    i18n (0.7.0)
    ice_nine (0.11.1)
    inflecto (0.0.2)
    ipaddress (0.8.0)
    jquery-rails (4.0.5)
      rails-dom-testing (~> 1.0)
      railties (>= 4.2.0)
      thor (>= 0.14, < 2.0)
    json (1.8.3)
    json-schema (2.5.2)
      addressable (~> 2.3.8)
    jwt (1.5.2)
    keyword_search (1.5.0)
    kgio (2.10.0)
    launchy (2.4.3)
      addressable (~> 2.3)
    libv8 (3.16.14.13)
    lograge (0.3.5)
      actionpack (>= 3)
      activesupport (>= 3)
      railties (>= 3)
    loofah (2.0.3)
      nokogiri (>= 1.5.9)
    mail (2.6.3)
      mime-types (>= 1.16, < 3)
    maruku (0.7.2)
    method_source (0.8.2)
    mime-types (2.99)
    mini_magick (4.3.6)
    mini_portile2 (2.0.0)
    minitest (5.8.3)
    multi_json (1.11.2)
    multi_xml (0.5.5)
    multipart-post (2.0.0)
    netrc (0.11.0)
    newrelic_rpm (3.14.0.305)
    nifty-generators (0.4.6)
    nokogiri (1.6.7)
      mini_portile2 (~> 2.0.0.rc2)
    oauth2 (1.0.0)
      faraday (>= 0.8, < 0.10)
      jwt (~> 1.0)
      multi_json (~> 1.3)
      multi_xml (~> 0.5)
      rack (~> 1.2)
    omniauth (1.2.2)
      hashie (>= 1.2, < 4)
      rack (~> 1.0)
    omniauth-oauth2 (1.3.1)
      oauth2 (~> 1.0)
      omniauth (~> 1.2)
    omniauth-salesforce (1.0.5)
      omniauth (~> 1.0)
      omniauth-oauth2 (~> 1.0)
    openstax_api (6.0.2)
      doorkeeper (>= 2.0)
      exception_notification (>= 4.0)
      lev (>= 1.0.0)
      openstax_utilities (>= 4.2.0)
      rails (>= 3.1)
      representable (>= 2.0)
      responders
      roar (>= 1.0)
      roar-rails (>= 1.0)
    openstax_exchange (0.2.1)
      hashie
      oauth2 (>= 0.5.0)
    openstax_rescue_from (1.6.0)
      exception_notification (>= 4.1, < 5.0)
      rails (>= 3.1, < 5.0)
    p3p (1.2.0)
      rack
    pager (1.0.1)
    parallel (1.6.1)
    parallel_tests (2.2.1)
      parallel
    paranoia (2.1.4)
      activerecord (~> 4.0)
    pg (0.18.4)
    pilfer (1.0.2)
      rblineprof (~> 0.3.2)
    polyamorous (1.1.0)
      activerecord (>= 3.0)
    pry (0.10.3)
      coderay (~> 1.1.0)
      method_source (~> 0.8.1)
      slop (~> 3.4)
    pry-nav (0.2.4)
      pry (>= 0.9.10, < 0.11.0)
    pry-rails (0.3.4)
      pry (>= 0.9.10)
    pry-stack_explorer (0.4.9.2)
      binding_of_caller (>= 0.7)
      pry (>= 0.9.11)
    quiet_assets (1.1.0)
      railties (>= 3.1, < 5.0)
    rack (1.6.4)
    rack-test (0.6.3)
      rack (>= 1.0)
    railroady (1.4.2)
    rails (4.2.4)
      actionmailer (= 4.2.4)
      actionpack (= 4.2.4)
      actionview (= 4.2.4)
      activejob (= 4.2.4)
      activemodel (= 4.2.4)
      activerecord (= 4.2.4)
      activesupport (= 4.2.4)
      bundler (>= 1.3.0, < 2.0)
      railties (= 4.2.4)
      sprockets-rails
    rails-deprecated_sanitizer (1.0.3)
      activesupport (>= 4.2.0.alpha)
    rails-dom-testing (1.0.7)
      activesupport (>= 4.2.0.beta, < 5.0)
      nokogiri (~> 1.6.0)
      rails-deprecated_sanitizer (>= 1.0.1)
    rails-erd (1.4.4)
      activerecord (>= 3.2)
      activesupport (>= 3.2)
      choice (~> 0.2.0)
      ruby-graphviz (~> 1.2)
    rails-html-sanitizer (1.0.2)
      loofah (~> 2.0)
    rails-settings-cached (0.4.6)
      rails (>= 4.2.0)
    rails-settings-ui (0.5.0)
      haml-rails
      i18n
      rails (>= 3.0)
    railties (4.2.4)
      actionpack (= 4.2.4)
      activesupport (= 4.2.4)
      rake (>= 0.8.7)
      thor (>= 0.18.1, < 2.0)
    raindrops (0.15.0)
    rake (10.4.2)
    rb-fsevent (0.9.6)
    rb-inotify (0.9.5)
      ffi (>= 0.5.0)
    rblineprof (0.3.6)
      debugger-ruby_core_source (~> 1.3)
    redis (3.2.2)
    redis-actionpack (4.0.1)
      actionpack (~> 4)
      redis-rack (~> 1.5.0)
      redis-store (~> 1.1.0)
    redis-activesupport (4.1.5)
      activesupport (>= 3, < 5)
      redis-store (~> 1.1.0)
    redis-rack (1.5.0)
      rack (~> 1.5)
      redis-store (~> 1.1.0)
    redis-rails (4.0.0)
      redis-actionpack (~> 4)
      redis-activesupport (~> 4)
      redis-store (~> 1.1.0)
    redis-store (1.1.7)
      redis (>= 2.2)
    ref (2.0.0)
    remotipart (1.2.1)
    render_anywhere (0.0.12)
      rails (>= 3.0.7)
    representable (2.2.2)
      uber (~> 0.0.7)
    responders (2.1.0)
      railties (>= 4.2.0, < 5)
    rest-client (1.8.0)
      http-cookie (>= 1.0.2, < 2.0)
      mime-types (>= 1.16, < 3.0)
      netrc (~> 0.7)
    restforce (2.1.2)
      faraday (~> 0.9.0)
      faraday_middleware (>= 0.8.8)
      hashie (>= 1.2.0, < 4.0)
      json (>= 1.7.5, < 1.9.0)
    roar (1.0.4)
      representable (>= 2.0.1, < 2.4.0)
    roar-rails (1.0.1)
      actionpack
      railties (>= 3.0.0)
      responders
      roar (>= 1.0.0, <= 1.1.0)
      test_xml (>= 0.1.6)
      uber (>= 0.0.5)
    rspec-collection_matchers (1.1.2)
      rspec-expectations (>= 2.99.0.beta1)
    rspec-core (3.2.3)
      rspec-support (~> 3.2.0)
    rspec-expectations (3.2.1)
      diff-lcs (>= 1.2.0, < 2.0)
      rspec-support (~> 3.2.0)
    rspec-mocks (3.2.1)
      diff-lcs (>= 1.2.0, < 2.0)
      rspec-support (~> 3.2.0)
    rspec-rails (3.2.3)
      actionpack (>= 3.0, < 4.3)
      activesupport (>= 3.0, < 4.3)
      railties (>= 3.0, < 4.3)
      rspec-core (~> 3.2.0)
      rspec-expectations (~> 3.2.0)
      rspec-mocks (~> 3.2.0)
      rspec-support (~> 3.2.0)
    rspec-support (3.2.2)
    ruby-graphviz (1.2.2)
    ruby2ruby (2.2.0)
      ruby_parser (~> 3.1)
      sexp_processor (~> 4.0)
    ruby_parser (3.7.2)
      sexp_processor (~> 4.1)
    rubyzip (1.1.7)
    safe_yaml (1.0.4)
    sass (3.4.19)
    sass-rails (5.0.4)
      railties (>= 4.0.0, < 5.0)
      sass (~> 3.1)
      sprockets (>= 2.8, < 4.0)
      sprockets-rails (>= 2.0, < 4.0)
      tilt (>= 1.1, < 3)
    sexp_processor (4.6.0)
    shoulda-matchers (3.0.1)
      activesupport (>= 4.0.0)
    simplecov (0.11.1)
      docile (~> 1.1.0)
      json (~> 1.8)
      simplecov-html (~> 0.10.0)
    simplecov-html (0.10.0)
    slim (3.0.6)
      temple (~> 0.7.3)
      tilt (>= 1.3.3, < 2.1)
    slop (3.6.0)
    sortability (0.0.3)
      rails
      squeel
    sprockets (2.12.4)
      hike (~> 1.2)
      multi_json (~> 1.0)
      rack (~> 1.0)
      tilt (~> 1.1, != 1.3.0)
    sprockets-rails (2.3.3)
      actionpack (>= 3.0)
      activesupport (>= 3.0)
      sprockets (>= 2.8, < 4.0)
    squeel (1.2.3)
      activerecord (>= 3.0)
      activesupport (>= 3.0)
      polyamorous (~> 1.1.0)
    temple (0.7.6)
    term-ansicolor (1.3.2)
      tins (~> 1.0)
    terminal-table (1.5.2)
    test_xml (0.1.7)
      diffy (~> 3.0)
      nokogiri (>= 1.3.2)
    therubyracer (0.12.2)
      libv8 (~> 3.16.14.0)
      ref
    thin (1.6.4)
      daemons (~> 1.0, >= 1.0.9)
      eventmachine (~> 1.0, >= 1.0.4)
      rack (~> 1.0)
    thor (0.19.1)
    thread_safe (0.3.5)
    tilt (1.4.1)
    timecop (0.8.0)
    timeliness (0.3.7)
    tins (1.6.0)
    turbolinks (2.5.3)
      coffee-rails
    tzinfo (1.2.2)
      thread_safe (~> 0.1)
    uber (0.0.15)
    uglifier (2.7.2)
      execjs (>= 0.3.0)
      json (>= 1.8.0)
    unf (0.1.4)
      unf_ext
    unf_ext (0.0.7.1)
    unicorn (5.0.1)
      kgio (~> 2.6)
      rack
      raindrops (~> 0.7)
    unicorn-worker-killer (0.4.4)
      get_process_mem (~> 0)
      unicorn (>= 4, < 6)
    uniform_notifier (1.9.0)
    validates_timeliness (3.0.14)
      timeliness (~> 0.3.6)
    vcr (3.0.0)
    virtus (1.0.5)
      axiom-types (~> 0.1)
      coercible (~> 1.0)
      descendants_tracker (~> 0.0, >= 0.0.3)
      equalizer (~> 0.0, >= 0.0.9)
    web-console (2.0.0)
      activemodel (~> 4.0)
      binding_of_caller (>= 0.7.2)
      railties (~> 4.0)
      sprockets-rails (>= 2.0, < 4.0)
    webmock (1.22.3)
      addressable (>= 2.3.6)
      crack (>= 0.3.2)
      hashdiff
    whenever (0.9.4)
      chronic (>= 0.6.3)
    will_paginate (3.0.7)
    xml-simple (1.1.5)
    xpath (2.0.0)
      nokogiri (~> 1.3)
    yaml_db (0.3.0)
      rails (>= 3.0, < 4.3)
      rake (>= 0.8.7)

PLATFORMS
  ruby

DEPENDENCIES
  active_force!
  active_record_query_trace
  activerecord-import
  addressable
  apipie-rails
  autoprefixer-rails
  awesome_print
  aws-ses (~> 0.6.0)
  axlsx (~> 2.1.0.pre)
  babbler (~> 1.0.1)
  bootstrap-sass (~> 3.2.0)
  brakeman
  bullet
  byebug
  capybara-webkit
  carrierwave
  cheat
  chronic
  codeclimate-test-reporter
  coffee-rails (~> 4.0.0)
  coffee-rails-source-maps
  compass-rails
  coveralls
  daemons
  database_cleaner
  deep_cloneable
  delayed_job_active_record
  dotenv-rails
  error_page_assets
  factory_girl_rails
  faker
  fakeredis
  fine_print (~> 3.1.0)
  fog
  hashie
  httparty
  jquery-rails
  json-schema
  keyword_search
  launchy
  lev!
  lograge
  maruku
  mini_magick
  newrelic_rpm
  nifty-generators
  omniauth-oauth2 (~> 1.3.1)
  omniauth-salesforce
  openstax_accounts!
  openstax_api (~> 6.0.2)
  openstax_exchange (~> 0.2.1)
  openstax_rescue_from (~> 1.6.0)
  openstax_utilities!
  p3p
  parallel_tests
  paranoia (~> 2.1.3)
  pg
  pilfer (~> 1.0.0)
  pry
  pry-nav
  pry-rails
  pry-stack_explorer
  quiet_assets
  railroady
  rails (= 4.2.4)
  rails-erd
  rails-html-sanitizer (~> 1.0)
  rails-settings-cached (~> 0.4.0)
  rails-settings-ui
  redis-rails
  remotipart
  render_anywhere
  restforce
  rspec-collection_matchers
  rspec-rails (~> 3.2.3)
  sass-rails (~> 5.0.0)
  shoulda-matchers
  sortability
  squeel
  therubyracer
  thin
  timecop
  turbolinks
  uglifier (>= 1.3.0)
  unicorn
  unicorn-worker-killer
  validates_timeliness
  vcr
  virtus
  web-console (~> 2.0.0)
  webmock
  whenever
  will_paginate (~> 3.0.6)
  yaml_db

BUNDLED WITH
   1.10.6
